GEM
  remote: https://rubygems.org/
  specs:
    addressable (2.6.0)
      public_suffix (>= 2.0.2, < 4.0)
    ast (2.4.0)
    byebug (11.0.0)
    coderay (1.1.2)
    crack (0.4.3)
      safe_yaml (~> 1.0.0)
    diff-lcs (1.3)
    domain_name (0.5.20180417)
      unf (>= 0.0.5, < 1.0.0)
    ffi (1.10.0)
    gds-api-adapters (59.3.0)
      addressable
      link_header
      null_logger
      plek (>= 1.9.0)
      rack-cache
      rest-client (~> 2.0)
    govuk-lint (3.11.2)
      rubocop (~> 0.64)
      rubocop-rspec (~> 1.28)
      scss_lint
    hashdiff (0.3.8)
    http-cookie (1.0.3)
      domain_name (~> 0.5)
    jaro_winkler (1.5.2)
    link_header (0.0.8)
    method_source (0.9.2)
    mime-types (3.2.2)
      mime-types-data (~> 3.2015)
    mime-types-data (3.2019.0331)
    netrc (0.11.0)
    null_logger (0.0.1)
    parallel (1.17.0)
    parser (2.6.3.0)
      ast (~> 2.4.0)
    plek (2.1.1)
    pry (0.12.2)
      coderay (~> 1.1.0)
      method_source (~> 0.9.0)
    pry-byebug (3.7.0)
      byebug (~> 11.0)
      pry (~> 0.10)
    public_suffix (3.0.3)
    rack (2.0.7)
    rack-cache (1.9.0)
      rack (>= 0.4)
    rainbow (3.0.0)
    rake (12.3.2)
    rb-fsevent (0.10.3)
    rb-inotify (0.10.0)
      ffi (~> 1.0)
    rest-client (2.0.2)
      http-cookie (>= 1.0.2, < 2.0)
      mime-types (>= 1.16, < 4.0)
      netrc (~> 0.8)
    rspec (3.8.0)
      rspec-core (~> 3.8.0)
      rspec-expectations (~> 3.8.0)
      rspec-mocks (~> 3.8.0)
    rspec-core (3.8.0)
      rspec-support (~> 3.8.0)
    rspec-expectations (3.8.2)
      diff-lcs (>= 1.2.0, < 2.0)
      rspec-support (~> 3.8.0)
    rspec-mocks (3.8.0)
      diff-lcs (>= 1.2.0, < 2.0)
      rspec-support (~> 3.8.0)
    rspec-support (3.8.0)
    rubocop (0.68.1)
      jaro_winkler (~> 1.5.1)
      parallel (~> 1.10)
      parser (>= 2.5, != 2.5.1.1)
      rainbow (>= 2.2.2, < 4.0)
      ruby-progressbar (~> 1.7)
      unicode-display_width (>= 1.4.0, < 1.6)
    rubocop-rspec (1.32.0)
      rubocop (>= 0.60.0)
    ruby-progressbar (1.10.0)
    safe_yaml (1.0.4)
    sass (3.7.4)
      sass-listen (~> 4.0.0)
    sass-listen (4.0.0)
      rb-fsevent (~> 0.9, >= 0.9.4)
      rb-inotify (~> 0.9, >= 0.9.7)
    scss_lint (0.58.0)
      rake (>= 0.9, < 13)
      sass (~> 3.5, >= 3.5.5)
    unf (0.1.4)
      unf_ext
    unf_ext (0.0.7.6)
    unicode-display_width (1.5.0)
    webmock (3.5.1)
      addressable (>= 2.3.6)
      crack (>= 0.3.2)
      hashdiff

PLATFORMS
  ruby

DEPENDENCIES
  gds-api-adapters (~> 59)
  govuk-lint (~> 3.11)
  plek (~> 2.1)
  pry-byebug
  rake (~> 12.3)
  rspec (~> 3.8)
  webmock (~> 3.5)

BUNDLED WITH
   1.16.2
